PATH
  remote: .
  specs:
    url_resolver (0.1.10)
      rest-client (= 1.6.7)

GEM
  remote: https://rubygems.org/
  specs:
    diff-lcs (1.2.5)
    mime-types (2.6.1)
    rest-client (1.6.7)
      mime-types (>= 1.16)
    rspec (2.14.1)
      rspec-core (~> 2.14.0)
      rspec-expectations (~> 2.14.0)
      rspec-mocks (~> 2.14.0)
    rspec-core (2.14.8)
    rspec-expectations (2.14.5)
      diff-lcs (>= 1.1.3, < 2.0)
    rspec-mocks (2.14.6)

PLATFORMS
  ruby

DEPENDENCIES
  rspec (= 2.14.1)
  url_resolver!

BUNDLED WITH
   1.10.2
